PATH
  remote: .
  specs:
    faux-lambda (0.5)
      rack (~> 2.0)

GEM
  remote: https://rubygems.org/
  specs:
    rack (2.0.3)

PLATFORMS
  ruby

DEPENDENCIES
  faux-lambda!

BUNDLED WITH
   1.15.4
